GEM
  remote: https://gems.ruby-china.com/
  specs:
    ast (2.4.2)
    c_lexer (2.6.4.1.1)
      ast (~> 2.4.0)
      parser (= 2.6.4.1)
    dalli (3.0.4)
    oj (3.13.9)
    opal (1.0.5)
      ast (>= 2.3.0)
      parser (~> 2.6)
    opal-webpack-loader (0.9.11)
      c_lexer
      dalli (>= 2.7.0)
      oj (>= 3.7.0)
      opal (>= 1.0.0)
      redis (>= 4.1.0)
      thor (>= 0.19.4)
    parser (2.6.4.1)
      ast (~> 2.4.0)
    redis (4.5.1)
    thor (1.1.0)

PLATFORMS
  ruby
  x64-mingw32

DEPENDENCIES
  opal
  opal-webpack-loader (~> 0.9.11)

BUNDLED WITH
   2.2.24
